GEM
  remote: https://rubygems.org/
  specs:
    faraday (0.8.9)
      multipart-post (~> 1.2.0)
    faraday_middleware (0.9.1)
      faraday (>= 0.7.4, < 0.10)
    ghee (0.9.11)
      faraday (>= 0.8, < 0.9)
      faraday_middleware (~> 0.9)
      hashie (~> 1.2)
      highline (~> 1.6.15)
      multi_json (~> 1.3)
    hashie (1.2.0)
    highline (1.6.21)
    i18n (0.7.0.beta1)
    money (6.3.0)
      i18n (>= 0.6.4, <= 0.7.0.dev)
    multi_json (1.10.1)
    multipart-post (1.2.0)
    power_assert (0.1.4)
    test-unit (3.0.1)
      power_assert

PLATFORMS
  ruby

DEPENDENCIES
  ghee
  money
  test-unit
